GEM
  remote: http://rubygems.org/
  specs:
    builder (3.0.0)
    haml (3.1.1)
    rack (1.2.2)
    rdiscount (1.6.8)
    sinatra (1.2.6)
      rack (~> 1.1)
      tilt (< 2.0, >= 1.2.2)
    tilt (1.3)

PLATFORMS
  ruby

DEPENDENCIES
  builder
  haml
  rdiscount
  sinatra
